GIT
  remote: https://github.com/UniversityofWarwick/puppet-lint.git
  revision: 02ea8964d51cdb0e8f81a95d7d9ee8dfa47c1349
  ref: fix/heredoc
  specs:
    puppet-lint (1.1.0)

GIT
  remote: https://github.com/UniversityofWarwick/rake-notes.git
  revision: c163a7dd2c1a20f51a37ffcc19cf47c1d5bc6fd5
  specs:
    rake-notes (0.2.1)
      colored
      rake

GIT
  remote: https://github.com/rodjek/rspec-puppet.git
  revision: 9e3face9c1edea9eef99a95224f8b4224aa01d35
  specs:
    rspec-puppet (2.5.0)
      rspec

GEM
  remote: https://rubygems.org/
  specs:
    CFPropertyList (2.2.8)
    colored (1.2)
    cri (2.6.1)
      colored (~> 1.2)
    deep_merge (1.1.1)
    diff-lcs (1.3)
    facter (2.4.6)
      CFPropertyList (~> 2.2.6)
    facterdb (0.3.10)
      facter
      jgrep
    faraday (0.9.2)
      multipart-post (>= 1.2, < 3)
    faraday_middleware (0.10.1)
      faraday (>= 0.7.4, < 1.0)
    fast_gettext (1.1.0)
    gettext (3.2.2)
      locale (>= 2.0.5)
      text (>= 1.3.0)
    gettext-setup (0.16)
      fast_gettext (~> 1.1.0)
      gettext (>= 3.0.2)
      locale
    hiera (1.3.4)
      json_pure
    hiera-eyaml (2.1.0)
      highline (~> 1.6.19)
      trollop (~> 2.0)
    highline (1.6.21)
    httparty (0.14.0)
      multi_xml (>= 0.5.2)
    jgrep (1.4.1)
      json
    json (2.0.3)
    json_pure (2.0.3)
    locale (2.1.2)
    log4r (1.1.10)
    mcollective-client (2.10.2)
      json
      stomp
      systemu
    metaclass (0.0.4)
    metadata-json-lint (1.1.0)
      json
      semantic_puppet (>= 0.1.2, < 2.0.0)
      spdx-licenses (~> 1.0)
    minitar (0.5.4)
    mocha (1.2.1)
      metaclass (~> 0.0.1)
    multi_json (1.12.1)
    multi_xml (0.6.0)
    multipart-post (2.0.0)
    puppet (3.8.7)
      facter (> 1.6, < 3)
      hiera (~> 1.0)
      json_pure
    puppet-profiler (0.0.3)
    puppet-strings (1.0.0)
      yard (~> 0.9.5)
    puppet-syntax (2.4.0)
      rake
    puppet_forge (2.2.3)
      faraday (~> 0.9.0)
      faraday_middleware (>= 0.9.0, < 0.11.0)
      gettext-setup (~> 0.11)
      minitar
      semantic_puppet (~> 0.1.0)
    puppetdb-ruby (0.0.1)
      httparty
    puppetdb-terminus (1.0)
    puppetlabs_spec_helper (1.1.1)
      mocha
      puppet-lint
      puppet-syntax
      rake
      rspec-puppet
    r10k (2.5.2)
      colored (= 1.2)
      cri (~> 2.6.1)
      gettext-setup (~> 0.5)
      log4r (= 1.1.10)
      minitar (= 0.5.4)
      multi_json (~> 1.10)
      puppet_forge (~> 2.2)
      semantic_puppet (~> 0.1.0)
    rake (12.0.0)
    redcarpet (3.4.0)
    rspec (3.1.0)
      rspec-core (~> 3.1.0)
      rspec-expectations (~> 3.1.0)
      rspec-mocks (~> 3.1.0)
    rspec-core (3.1.7)
      rspec-support (~> 3.1.0)
    rspec-expectations (3.1.2)
      diff-lcs (>= 1.2.0, < 2.0)
      rspec-support (~> 3.1.0)
    rspec-mocks (3.1.3)
      rspec-support (~> 3.1.0)
    rspec-puppet-facts (1.7.1)
      facter
      facterdb (>= 0.3.0)
      json
      mcollective-client
      puppet
    rspec-support (3.1.2)
    semantic_puppet (0.1.4)
      gettext-setup (>= 0.3)
    spdx-licenses (1.1.0)
    stomp (1.4.3)
    systemu (2.6.5)
    text (1.3.1)
    trollop (2.1.2)
    yard (0.9.8)

PLATFORMS
  ruby

DEPENDENCIES
  deep_merge
  hiera-eyaml
  metadata-json-lint
  puppet (~> 3.8.5)
  puppet-lint!
  puppet-profiler
  puppet-strings
  puppetdb-ruby
  puppetdb-terminus
  puppetlabs_spec_helper
  r10k
  rake
  rake-notes!
  redcarpet
  rspec (< 3.2.0)
  rspec-puppet!
  rspec-puppet-facts
  yard

BUNDLED WITH
   1.11.2
